GEM
  remote: https://rubygems.org/
  specs:
    builder (3.2.4)
    rack (2.2.3)
    rake (13.0.1)
    rdiscount (2.2.0.1)
    toto (0.4.9)
      builder
      rack
      rdiscount

PLATFORMS
  ruby

DEPENDENCIES
  rake (~> 13.0)
  toto (~> 0.4.9)

RUBY VERSION
   ruby 2.6.3p62

BUNDLED WITH
   1.17.2
